GEM
  remote: https://rubygems.org/
  specs:
    diff-lcs (1.2.5)
    facter (2.4.1)
    facter (2.4.1-x64-mingw32)
      ffi (~> 1.9.5)
      win32-dir (~> 0.4.8)
      win32-security (~> 0.2.5)
    ffi (1.9.25)
    rake (12.3.3)
    rspec (2.14.1)
      rspec-core (~> 2.14.0)
      rspec-expectations (~> 2.14.0)
      rspec-mocks (~> 2.14.0)
    rspec-core (2.14.6)
    rspec-expectations (2.14.3)
      diff-lcs (>= 1.1.3, < 2.0)
    rspec-mocks (2.14.4)
    win32-dir (0.4.9)
      ffi (>= 1.0.0)
    win32-security (0.2.5)
      ffi

PLATFORMS
  ruby
  x64-mingw32

DEPENDENCIES
  facter
  rake
  rspec

BUNDLED WITH
   2.2.9
